GEM
  remote: https://rubygems.org/
  specs:
    addressable (2.8.7)
      public_suffix (>= 2.0.2, < 7.0)
    algoliasearch (1.27.5)
      httpclient (~> 2.8, >= 2.8.3)
      json (>= 1.5.1)
    ast (2.4.2)
    base64 (0.2.0)
    bigdecimal (3.1.9)
    colorator (1.1.0)
    concurrent-ruby (1.3.5)
    connection_pool (2.5.0)
    csv (3.3.2)
    diff-lcs (1.6.0)
    docile (1.4.1)
    dotenv (3.1.7)
    em-websocket (0.5.3)
      eventmachine (>= 0.12.9)
      http_parser.rb (~> 0)
    eventmachine (1.2.7)
    execjs (2.10.0)
    ffi (1.17.1-aarch64-linux-gnu)
    ffi (1.17.1-aarch64-linux-musl)
    ffi (1.17.1-arm-linux-gnu)
    ffi (1.17.1-arm-linux-musl)
    ffi (1.17.1-arm64-darwin)
    ffi (1.17.1-x86_64-darwin)
    ffi (1.17.1-x86_64-linux-gnu)
    ffi (1.17.1-x86_64-linux-musl)
    forwardable-extended (2.6.0)
    google-protobuf (4.29.3)
      bigdecimal
      rake (>= 13)
    google-protobuf (4.29.3-aarch64-linux)
      bigdecimal
      rake (>= 13)
    google-protobuf (4.29.3-arm64-darwin)
      bigdecimal
      rake (>= 13)
    google-protobuf (4.29.3-x86_64-darwin)
      bigdecimal
      rake (>= 13)
    google-protobuf (4.29.3-x86_64-linux)
      bigdecimal
      rake (>= 13)
    googlestaticmap (1.2.6)
    htmlentities (4.3.4)
    http_parser.rb (0.8.0)
    httpclient (2.9.0)
      mutex_m
    i18n (1.14.7)
      concurrent-ruby (~> 1.0)
    jekyll (4.4.1)
      addressable (~> 2.4)
      base64 (~> 0.2)
      colorator (~> 1.0)
      csv (~> 3.0)
      em-websocket (~> 0.5)
      i18n (~> 1.0)
      jekyll-sass-converter (>= 2.0, < 4.0)
      jekyll-watch (~> 2.0)
      json (~> 2.6)
      kramdown (~> 2.3, >= 2.3.1)
      kramdown-parser-gfm (~> 1.0)
      liquid (~> 4.0)
      mercenary (~> 0.3, >= 0.3.6)
      pathutil (~> 0.9)
      rouge (>= 3.0, < 5.0)
      safe_yaml (~> 1.0)
      terminal-table (>= 1.8, < 4.0)
      webrick (~> 1.7)
    jekyll-paginate (1.1.0)
    jekyll-sass-converter (3.1.0)
      sass-embedded (~> 1.75)
    jekyll-watch (2.2.1)
      listen (~> 3.0)
    json (2.10.1)
    kramdown (2.5.1)
      rexml (>= 3.3.9)
    kramdown-parser-gfm (1.1.0)
      kramdown (~> 2.0)
    language_server-protocol (3.17.0.4)
    lint_roller (1.1.0)
    liquid (4.0.4)
    listen (3.9.0)
      rb-fsevent (~> 0.10, >= 0.10.3)
      rb-inotify (~> 0.9, >= 0.9.10)
    mercenary (0.4.0)
    mutex_m (0.3.0)
    net-http-persistent (4.0.5)
      connection_pool (~> 2.2)
    newrelic_rpm (9.17.0)
    nokogiri (1.18.3-aarch64-linux-gnu)
      racc (~> 1.4)
    nokogiri (1.18.3-aarch64-linux-musl)
      racc (~> 1.4)
    nokogiri (1.18.3-arm-linux-gnu)
      racc (~> 1.4)
    nokogiri (1.18.3-arm-linux-musl)
      racc (~> 1.4)
    nokogiri (1.18.3-arm64-darwin)
      racc (~> 1.4)
    nokogiri (1.18.3-x86_64-darwin)
      racc (~> 1.4)
    nokogiri (1.18.3-x86_64-linux-gnu)
      racc (~> 1.4)
    nokogiri (1.18.3-x86_64-linux-musl)
      racc (~> 1.4)
    parallel (1.26.3)
    parser (3.3.7.1)
      ast (~> 2.4.1)
      racc
    pathutil (0.16.2)
      forwardable-extended (~> 2.6)
    public_suffix (6.0.1)
    pygments.rb (3.0.0)
    racc (1.8.1)
    rack (1.5.5)
    rack-contrib (2.5.0)
      rack (< 4)
    rack-host-redirect (1.3.0)
      rack
    rack-rewrite (1.5.1)
    rack-ssl-enforcer (0.2.9)
    rack-wwwhisper (1.1.16)
      addressable (~> 2.0)
      net-http-persistent (< 5.0)
      rack (>= 1.0)
    rack-xframe-options (0.1.2)
      rack (>= 0.9.1)
    rainbow (3.1.1)
    rake (13.2.1)
    rb-fsevent (0.11.2)
    rb-inotify (0.11.1)
      ffi (~> 1.0)
    redcarpet (3.6.1)
    regexp_parser (2.10.0)
    rexml (3.4.1)
    rouge (4.5.1)
    rspec (3.13.0)
      rspec-core (~> 3.13.0)
      rspec-expectations (~> 3.13.0)
      rspec-mocks (~> 3.13.0)
    rspec-core (3.13.3)
      rspec-support (~> 3.13.0)
    rspec-expectations (3.13.3)
      diff-lcs (>= 1.2.0, < 2.0)
      rspec-support (~> 3.13.0)
    rspec-mocks (3.13.2)
      diff-lcs (>= 1.2.0, < 2.0)
      rspec-support (~> 3.13.0)
    rspec-support (3.13.2)
    rubocop (1.73.1)
      json (~> 2.3)
      language_server-protocol (~> 3.17.0.2)
      lint_roller (~> 1.1.0)
      parallel (~> 1.10)
      parser (>= 3.3.0.2)
      rainbow (>= 2.2.2, < 4.0)
      regexp_parser (>= 2.9.3, < 3.0)
      rubocop-ast (>= 1.38.0, < 2.0)
      ruby-progressbar (~> 1.7)
      unicode-display_width (>= 2.4.0, < 4.0)
    rubocop-ast (1.38.1)
      parser (>= 3.3.1.0)
    ruby-progressbar (1.13.0)
    rubyzip (2.4.1)
    safe_yaml (1.0.5)
    sass-embedded (1.85.1-aarch64-linux-gnu)
      google-protobuf (~> 4.29)
    sass-embedded (1.85.1-aarch64-linux-musl)
      google-protobuf (~> 4.29)
    sass-embedded (1.85.1-arm-linux-gnueabihf)
      google-protobuf (~> 4.29)
    sass-embedded (1.85.1-arm-linux-musleabihf)
      google-protobuf (~> 4.29)
    sass-embedded (1.85.1-arm64-darwin)
      google-protobuf (~> 4.29)
    sass-embedded (1.85.1-x86_64-darwin)
      google-protobuf (~> 4.29)
    sass-embedded (1.85.1-x86_64-linux-gnu)
      google-protobuf (~> 4.29)
    sass-embedded (1.85.1-x86_64-linux-musl)
      google-protobuf (~> 4.29)
    simplecov (0.22.0)
      docile (~> 1.1)
      simplecov-html (~> 0.11)
      simplecov_json_formatter (~> 0.1)
    simplecov-html (0.13.1)
    simplecov_json_formatter (0.1.4)
    slugize (0.0.3)
    terminal-table (3.0.2)
      unicode-display_width (>= 1.1.1, < 3)
    uglifier (4.2.1)
      execjs (>= 0.3.0, < 3)
    unicode-display_width (2.6.0)
    webrick (1.9.1)

PLATFORMS
  aarch64-linux
  aarch64-linux-gnu
  aarch64-linux-musl
  arm-linux-gnu
  arm-linux-gnueabihf
  arm-linux-musl
  arm-linux-musleabihf
  arm64-darwin
  x86_64-darwin
  x86_64-linux-gnu
  x86_64-linux-musl

DEPENDENCIES
  algoliasearch (>= 1.6.1)
  bundler (>= 1.7.9)
  dotenv (>= 0.11.1)
  googlestaticmap (>= 1.2.2)
  htmlentities (>= 4.3.2)
  jekyll (>= 3.0.3)
  jekyll-paginate
  newrelic_rpm (>= 3.9.8.273)
  nokogiri (>= 1.6.3.1)
  pygments.rb
  rack (< 1.6.0)
  rack-contrib (>= 1.2.0)
  rack-host-redirect
  rack-rewrite (>= 1.5.0)
  rack-ssl-enforcer (>= 0.2.9)
  rack-wwwhisper (>= 1.0)
  rack-xframe-options (>= 0.1.2)
  redcarpet
  rspec (>= 3.1.0)
  rubocop (>= 0.28.0)
  rubyzip (>= 1.1.6)
  simplecov (>= 0.9.1)
  slugize (>= 0.0.3)
  uglifier (>= 2.7.0)

RUBY VERSION
   ruby 3.3.7p123

BUNDLED WITH
   2.6.0
